GEM
  remote: http://rubygems.org/
  specs:
    adsf (1.1.1)
      rack (>= 1.0.0)
    commonjs (0.2.6)
    cri (2.2.1)
    fssm (0.2.9)
    haml (3.1.6)
    kramdown (0.13.6)
    less (2.2.1)
      commonjs (~> 0.2.6)
    libv8 (3.3.10.4)
    nanoc (3.4.2)
      cri (~> 2.2)
    rack (1.4.1)
    rainpress (1.0)
    rdiscount (1.6.8)
    systemu (2.5.0)
    therubyracer (0.10.1)
      libv8 (~> 3.3.10)

PLATFORMS
  java
  ruby

DEPENDENCIES
  adsf
  cri
  fssm
  haml
  kramdown
  less
  nanoc
  rainpress
  rdiscount
  systemu
  therubyracer
